GIT
  remote: git://github.com/cowboyd/therubyracer.git
  revision: 8dae8f789014a22512ee3c6f630d8f958e696ab8
  specs:
    therubyracer (0.12.1)
      libv8 (~> 3.16.14.0)
      ref

GIT
  remote: git://github.com/davidcelis/recommendable.git
  revision: 2a53ca951f26f542f46b0e2c8587bc2c1a541d7b
  specs:
    recommendable (2.1.0.1)
      activesupport (>= 3.0.0)
      hooks (>= 0.2.1)
      redis (>= 2.2.0)

GEM
  remote: https://rubygems.org/
  specs:
    actionmailer (3.2.13)
      actionpack (= 3.2.13)
      mail (~> 2.5.3)
    actionpack (3.2.13)
      activemodel (= 3.2.13)
      activesupport (= 3.2.13)
      builder (~> 3.0.0)
      erubis (~> 2.7.0)
      journey (~> 1.0.4)
      rack (~> 1.4.5)
      rack-cache (~> 1.2)
      rack-test (~> 0.6.1)
      sprockets (~> 2.2.1)
    activemodel (3.2.13)
      activesupport (= 3.2.13)
      builder (~> 3.0.0)
    activerecord (3.2.13)
      activemodel (= 3.2.13)
      activesupport (= 3.2.13)
      arel (~> 3.0.2)
      tzinfo (~> 0.3.29)
    activeresource (3.2.13)
      activemodel (= 3.2.13)
      activesupport (= 3.2.13)
    activesupport (3.2.13)
      i18n (= 0.6.1)
      multi_json (~> 1.0)
    arel (3.0.2)
    bcrypt-ruby (3.0.1)
    builder (3.0.4)
    byebug (3.5.1)
      columnize (~> 0.8)
      debugger-linecache (~> 1.2)
      slop (~> 3.6)
    capistrano (2.14.2)
      highline
      net-scp (>= 1.0.0)
      net-sftp (>= 2.0.0)
      net-ssh (>= 2.0.14)
      net-ssh-gateway (>= 1.1.0)
    capistrano-maintenance (0.0.3)
      capistrano (>= 2.0.0)
    celluloid (0.12.4)
      facter (>= 1.6.12)
      timers (>= 1.0.0)
    coderay (1.1.0)
    coffee-rails (3.2.2)
      coffee-script (>= 2.2.0)
      railties (~> 3.2.0)
    coffee-script (2.2.0)
      coffee-script-source
      execjs
    coffee-script-source (1.6.2)
    columnize (0.8.9)
    commonjs (0.2.6)
    connection_pool (1.0.0)
    debugger-linecache (1.2.0)
    diff-lcs (1.2.5)
    diffy (3.0.7)
    erubis (2.7.0)
    execjs (1.4.0)
      multi_json (~> 1.0)
    facter (1.6.18)
    font-awesome-rails (3.0.2.0)
      railties (>= 3.1)
    gist (4.3.0)
    google-analytics-rails (0.0.4)
    gravatar_image_tag (1.1.3)
    grit (2.5.0)
      diff-lcs (~> 1.1)
      mime-types (~> 1.15)
      posix-spawn (~> 0.3.6)
    haml (4.0.1)
      tilt
    highline (1.6.16)
    hike (1.2.1)
    hooks (0.2.2)
    i18n (0.6.1)
    interception (0.5)
    journey (1.0.4)
    jquery-rails (2.2.1)
      railties (>= 3.0, < 5.0)
      thor (>= 0.14, < 2.0)
    json (1.7.7)
    kaminari (0.14.1)
      actionpack (>= 3.0.0)
      activesupport (>= 3.0.0)
    less (2.3.1)
      commonjs (~> 0.2.6)
    less-rails (2.3.2)
      actionpack (>= 3.1)
      less (~> 2.3.1)
    libv8 (3.16.14.7)
    mail (2.5.3)
      i18n (>= 0.4.0)
      mime-types (~> 1.16)
      treetop (~> 1.4.8)
    method_source (0.8.2)
    mime-types (1.21)
    mini_portile (0.6.1)
    minifacture (1.2.2)
      activesupport (>= 2.2)
    multi_json (1.7.2)
    net-scp (1.1.0)
      net-ssh (>= 2.6.5)
    net-sftp (2.1.1)
      net-ssh (>= 2.6.5)
    net-ssh (2.6.6)
    net-ssh-gateway (1.2.0)
      net-ssh (>= 2.6.5)
    newrelic-redis (1.4.0)
      newrelic_rpm (~> 3.0)
      redis (< 4.0)
    newrelic_rpm (3.6.0.78)
    nokogiri (1.6.4)
      mini_portile (~> 0.6.0)
    pg (0.14.1)
    pg_search (0.7.8)
      activerecord (>= 3.1)
      activesupport (>= 3.1)
      arel
    polyglot (0.3.3)
    posix-spawn (0.3.9)
    pry (0.10.1)
      coderay (~> 1.1.0)
      method_source (~> 0.8.1)
      slop (~> 3.4)
    pry-byebug (2.0.0)
      byebug (~> 3.4)
      pry (~> 0.10)
    pry-doc (0.6.0)
      pry (~> 0.9)
      yard (~> 0.8)
    pry-docmore (0.1.1)
      pry
      pry-doc
    pry-git (0.2.3)
      diffy
      grit
      pry (>= 0.9.8)
    pry-highlight (0.1.0)
      coderay
      json
      nokogiri
      pry
    pry-macro (1.0.1)
      highline
      pry
    pry-pretty-numeric (0.1.1)
      pry
    pry-rescue (1.4.1)
      interception (>= 0.5)
      pry
    pry-suite (1.2.0)
      gist
      pry
      pry-byebug
      pry-doc
      pry-docmore
      pry-git
      pry-highlight
      pry-macro
      pry-pretty-numeric
      pry-rescue
    puma (1.6.3)
      rack (~> 1.2)
    quiet_assets (1.0.2)
      railties (>= 3.1, < 5.0)
    rack (1.4.5)
    rack-cache (1.2)
      rack (>= 0.4)
    rack-protection (1.5.0)
      rack
    rack-ssl (1.3.3)
      rack
    rack-test (0.6.2)
      rack (>= 1.0)
    rails (3.2.13)
      actionmailer (= 3.2.13)
      actionpack (= 3.2.13)
      activerecord (= 3.2.13)
      activeresource (= 3.2.13)
      activesupport (= 3.2.13)
      bundler (~> 1.0)
      railties (= 3.2.13)
    railties (3.2.13)
      actionpack (= 3.2.13)
      activesupport (= 3.2.13)
      rack-ssl (~> 1.3.2)
      rake (>= 0.8.7)
      rdoc (~> 3.4)
      thor (>= 0.14.6, < 2.0)
    rake (10.0.3)
    rdoc (3.12.2)
      json (~> 1.4)
    redis (3.0.3)
    redis-namespace (1.2.1)
      redis (~> 3.0.0)
    ref (1.0.5)
    rspec-core (3.1.7)
      rspec-support (~> 3.1.0)
    rspec-expectations (3.1.2)
      diff-lcs (>= 1.2.0, < 2.0)
      rspec-support (~> 3.1.0)
    rspec-mocks (3.1.3)
      rspec-support (~> 3.1.0)
    rspec-rails (3.1.0)
      actionpack (>= 3.0)
      activesupport (>= 3.0)
      railties (>= 3.0)
      rspec-core (~> 3.1.0)
      rspec-expectations (~> 3.1.0)
      rspec-mocks (~> 3.1.0)
      rspec-support (~> 3.1.0)
    rspec-support (3.1.2)
    sass (3.2.7)
    sass-rails (3.2.6)
      railties (~> 3.2.0)
      sass (>= 3.1.10)
      tilt (~> 1.3)
    sidekiq (2.7.5)
      celluloid (~> 0.12.0)
      connection_pool (~> 1.0)
      multi_json (~> 1)
      redis (~> 3)
      redis-namespace
    sidekiq-unique-jobs (2.3.2)
      sidekiq (>= 2.2.0)
    sinatra (1.3.6)
      rack (~> 1.4)
      rack-protection (~> 1.3)
      tilt (~> 1.3, >= 1.3.3)
    slim (1.3.0)
      temple (~> 0.4.1)
      tilt (~> 1.3.3)
    slop (3.6.0)
    sprockets (2.2.2)
      hike (~> 1.2)
      multi_json (~> 1.0)
      rack (~> 1.0)
      tilt (~> 1.1, != 1.3.0)
    temple (0.4.1)
    thor (0.17.0)
    tilt (1.3.6)
    timers (1.1.0)
    treetop (1.4.12)
      polyglot
      polyglot (>= 0.3.1)
    twitter-bootstrap-rails (2.2.6)
      actionpack (>= 3.1)
      execjs
      railties (>= 3.1)
    tzinfo (0.3.37)
    uglifier (1.3.0)
      execjs (>= 0.3.0)
      multi_json (~> 1.0, >= 1.0.2)
    yard (0.8.7.6)

PLATFORMS
  ruby

DEPENDENCIES
  bcrypt-ruby (~> 3.0.0)
  capistrano
  capistrano-maintenance
  coffee-rails
  font-awesome-rails
  google-analytics-rails
  gravatar_image_tag
  haml
  jquery-rails
  kaminari (~> 0.14.0)
  less-rails
  minifacture
  newrelic-redis
  newrelic_rpm
  pg (~> 0.14.1)
  pg_search
  pry-suite
  puma (~> 1.6.0)
  quiet_assets
  rails (= 3.2.13)
  recommendable!
  rspec-rails
  sass-rails
  sidekiq (~> 2.7.0)
  sidekiq-unique-jobs (~> 2.3.0)
  sinatra
  slim (<= 1.3.0)
  therubyracer!
  twitter-bootstrap-rails (~> 2.2.0)
  uglifier
